GEM
  remote: http://rubygems.org/
  specs:
    ZenTest (4.8.2)
    activesupport (3.2.7)
      i18n (~> 0.6)
      multi_json (~> 1.0)
    autotest (4.4.6)
      ZenTest (>= 4.4.1)
    diff-lcs (1.1.3)
    i18n (0.6.0)
    json (1.7.4)
    multi_json (1.3.6)
    rb-readline (0.4.2)
    rspec (2.11.0)
      rspec-core (~> 2.11.0)
      rspec-expectations (~> 2.11.0)
      rspec-mocks (~> 2.11.0)
    rspec-core (2.11.1)
    rspec-expectations (2.11.2)
      diff-lcs (~> 1.1.3)
    rspec-mocks (2.11.1)

PLATFORMS
  ruby

DEPENDENCIES
  activesupport
  autotest
  json
  rb-readline
  rspec
  rspec-core
